GIT
  remote: git://github.com/mongomapper/mongomapper.git
  revision: 71969bbcac51b3ac4601b6dcf020601e0282c852
  specs:
    mongo_mapper (0.13.1)
      activemodel (>= 3.0.0)
      activesupport (>= 3.0)
      mongo (~> 1.8)
      plucky (~> 0.6.5)

GEM
  remote: http://rubygems.org/
  specs:
    activemodel (4.2.0)
      activesupport (= 4.2.0)
      builder (~> 3.1)
    activesupport (4.2.0)
      i18n (~> 0.7)
      json (~> 1.7, >= 1.7.7)
      minitest (~> 5.1)
      thread_safe (~> 0.3, >= 0.3.4)
      tzinfo (~> 1.1)
    bson (1.9.2)
    bson_ext (1.9.2)
      bson (~> 1.9.2)
    builder (3.2.2)
    diff-lcs (1.2.5)
    docile (1.1.2)
    i18n (0.7.0)
    json (1.8.2)
    kgio (2.9.0)
    minitest (5.5.1)
    mongo (1.9.2)
      bson (~> 1.9.2)
    multi_json (1.11.0)
    plucky (0.6.6)
      mongo (~> 1.5)
    rake (10.1.1)
    rspec (2.14.1)
      rspec-core (~> 2.14.0)
      rspec-expectations (~> 2.14.0)
      rspec-mocks (~> 2.14.0)
    rspec-core (2.14.7)
    rspec-expectations (2.14.5)
      diff-lcs (>= 1.1.3, < 2.0)
    rspec-mocks (2.14.5)
    simplecov (0.8.2)
      docile (~> 1.1.0)
      multi_json
      simplecov-html (~> 0.8.0)
    simplecov-html (0.8.0)
    thread_safe (0.3.5)
    timecop (0.7.1)
    tzinfo (1.2.2)
      thread_safe (~> 0.1)

PLATFORMS
  ruby

DEPENDENCIES
  bson_ext
  bundler (~> 1.0)
  kgio (~> 2.7)
  mongo_mapper!
  rake
  rspec
  simplecov
  timecop
